GEM
  remote: https://rubygems.org/
  specs:
    addressable (2.8.0)
      public_suffix (>= 2.0.2, < 5.0)
    ansi (1.5.0)
    ast (2.4.2)
    coderay (1.1.3)
    concurrent-ruby (1.1.9)
    domain_name (0.5.20190701)
      unf (>= 0.0.5, < 1.0.0)
    dot-properties (0.1.3)
    ffi (1.15.3-java)
    ffi-compiler (1.0.1)
      ffi (>= 1.0.0)
      rake
    hashie (4.1.0)
    high_level_browse (0.1.0)
      lcsort
      oga (~> 2.1)
    http (5.0.1)
      addressable (~> 2.3)
      http-cookie (~> 1.0)
      http-form_data (~> 2.2)
      llhttp-ffi (~> 0.3.0)
    http-cookie (1.0.4)
      domain_name (~> 0.5)
    http-form_data (2.3.0)
    httpclient (2.8.3)
    jar-dependencies (0.4.1)
    jdbc-mysql (8.0.17)
    lcsort (0.9.1)
    library_stdnums (1.6.0)
    llhttp-ffi (0.3.1)
      ffi-compiler (~> 1.0)
      rake (~> 13.0)
    marc (1.1.1)
      rexml
      scrub_rb (>= 1.0.1, < 2)
      unf
    marc-fastxmlwriter (1.0.0)
      marc (~> 1.0)
    marc-marc4j (1.0.0-java)
      marc (~> 1)
    marc_alephsequential (2.0.0)
      marc (~> 1)
      yell (~> 2)
    match_map (3.0.0)
    method_source (1.0.0)
    minitest (5.14.4)
    naconormalizer (1.0.1-java)
    nokogiri (1.12.3-java)
      racc (~> 1.4)
    oga (2.15-java)
      ast
      ruby-ll (~> 2.1)
    pry (0.14.1-java)
      coderay (~> 1.1)
      method_source (~> 1.0)
      spoon (~> 0.0)
    psych (4.0.1-java)
      jar-dependencies (>= 0.1.7)
    public_suffix (4.0.6)
    racc (1.5.2-java)
    rake (13.0.6)
    rexml (3.2.5)
    ruby-ll (2.1.2-java)
      ansi
      ast
    scrub_rb (1.0.1)
    sequel (5.47.0)
    slop (4.9.1)
    spoon (0.0.6)
      ffi
    traject (3.6.0)
      concurrent-ruby (>= 0.8.0)
      dot-properties (>= 0.1.1)
      hashie (>= 3.1, < 5)
      http (>= 3.0, < 6)
      httpclient (~> 2.5)
      marc (~> 1.0)
      marc-fastxmlwriter (~> 1.0)
      nokogiri (~> 1.9)
      slop (~> 4.0)
      yell
    traject-marc4j_reader (1.1.0-java)
      marc (~> 1.0)
      marc-marc4j (~> 1.0)
    traject_alephsequential_reader (1.1.2)
      marc (~> 1)
      marc_alephsequential (~> 2)
      yell
    traject_umich_format (0.4.4)
    unf (0.1.4-java)
    yell (2.2.2)

PLATFORMS
  java
  universal-java-1.8

DEPENDENCIES
  bundler
  high_level_browse
  httpclient
  jdbc-mysql
  library_stdnums
  marc-fastxmlwriter
  match_map
  minitest
  naconormalizer
  pry
  psych
  rake
  sequel
  traject (~> 3.0)
  traject-marc4j_reader (~> 1.0)
  traject_alephsequential_reader
  traject_umich_format
  yell

BUNDLED WITH
   2.2.26
