GIT
  remote: https://github.com/mlibrary/alma_rest_client
  revision: 1d41c631573e4585562e06b43df025c2cdac99c6
  tag: 1.1.0
  specs:
    alma_rest_client (1.1.0)
      activesupport (~> 6.0, >= 4.2)
      httparty

GEM
  remote: https://rubygems.org/
  specs:
    activesupport (6.1.4.1)
      concurrent-ruby (~> 1.0, >= 1.0.2)
      i18n (>= 1.6, < 2)
      minitest (>= 5.1)
      tzinfo (~> 2.0)
      zeitwerk (~> 2.3)
    addressable (2.8.0)
      public_suffix (>= 2.0.2, < 5.0)
    ansi (1.5.0)
    ast (2.4.2)
    coderay (1.1.3)
    concurrent-ruby (1.1.9)
    crack (0.4.5)
      rexml
    diff-lcs (1.4.4)
    domain_name (0.5.20190701)
      unf (>= 0.0.5, < 1.0.0)
    dot-properties (0.1.3)
    ffi (1.15.4)
    ffi (1.15.4-java)
    ffi-compiler (1.0.1)
      ffi (>= 1.0.0)
      rake
    hashdiff (1.0.1)
    hashie (4.1.0)
    high_level_browse (0.1.0)
      lcsort
      oga (~> 2.1)
    http (5.0.4)
      addressable (~> 2.8)
      http-cookie (~> 1.0)
      http-form_data (~> 2.2)
      llhttp-ffi (~> 0.4.0)
    http-cookie (1.0.4)
      domain_name (~> 0.5)
    http-form_data (2.3.0)
    httparty (0.20.0)
      mime-types (~> 3.0)
      multi_xml (>= 0.5.2)
    httpclient (2.8.3)
    i18n (1.8.10)
      concurrent-ruby (~> 1.0)
    lcsort (0.9.1)
    library_stdnums (1.6.0)
    llhttp-ffi (0.4.0)
      ffi-compiler (~> 1.0)
      rake (~> 13.0)
    marc (1.1.1)
      rexml
      scrub_rb (>= 1.0.1, < 2)
      unf
    marc-fastxmlwriter (1.0.0)
      marc (~> 1.0)
    marc_alephsequential (2.0.0)
      marc (~> 1)
      yell (~> 2)
    match_map (3.0.0)
    method_source (1.0.0)
    mime-types (3.3.1)
      mime-types-data (~> 3.2015)
    mime-types-data (3.2021.0901)
    minitest (5.14.4)
    multi_xml (0.6.0)
    mysql2 (0.5.3)
    nokogiri (1.12.5-java)
      racc (~> 1.4)
    nokogiri (1.12.5-x86_64-darwin)
      racc (~> 1.4)
    oga (2.15)
      ast
      ruby-ll (~> 2.1)
    oga (2.15-java)
      ast
      ruby-ll (~> 2.1)
    pry (0.14.1)
      coderay (~> 1.1)
      method_source (~> 1.0)
    pry (0.14.1-java)
      coderay (~> 1.1)
      method_source (~> 1.0)
      spoon (~> 0.0)
    public_suffix (4.0.6)
    racc (1.6.0)
    racc (1.6.0-java)
    rake (13.0.6)
    rexml (3.2.5)
    rspec (3.10.0)
      rspec-core (~> 3.10.0)
      rspec-expectations (~> 3.10.0)
      rspec-mocks (~> 3.10.0)
    rspec-core (3.10.1)
      rspec-support (~> 3.10.0)
    rspec-expectations (3.10.1)
      diff-lcs (>= 1.2.0, < 2.0)
      rspec-support (~> 3.10.0)
    rspec-mocks (3.10.2)
      diff-lcs (>= 1.2.0, < 2.0)
      rspec-support (~> 3.10.0)
    rspec-support (3.10.2)
    ruby-ll (2.1.2)
      ansi
      ast
    ruby-ll (2.1.2-java)
      ansi
      ast
    scrub_rb (1.0.1)
    sequel (5.49.0)
    slop (4.9.1)
    spoon (0.0.6)
      ffi
    traject (3.6.0)
      concurrent-ruby (>= 0.8.0)
      dot-properties (>= 0.1.1)
      hashie (>= 3.1, < 5)
      http (>= 3.0, < 6)
      httpclient (~> 2.5)
      marc (~> 1.0)
      marc-fastxmlwriter (~> 1.0)
      nokogiri (~> 1.9)
      slop (~> 4.0)
      yell
    traject_alephsequential_reader (1.1.2)
      marc (~> 1)
      marc_alephsequential (~> 2)
      yell
    traject_umich_format (0.4.4)
    tzinfo (2.0.4)
      concurrent-ruby (~> 1.0)
    unf (0.1.4)
      unf_ext
    unf (0.1.4-java)
    unf_ext (0.0.8)
    webmock (3.14.0)
      addressable (>= 2.8.0)
      crack (>= 0.3.2)
      hashdiff (>= 0.4.0, < 2.0.0)
    yell (2.2.2)
    zeitwerk (2.5.1)

PLATFORMS
  universal-java-1.8
  x86_64-darwin-21

DEPENDENCIES
  alma_rest_client!
  bundler
  high_level_browse
  httpclient
  library_stdnums
  marc-fastxmlwriter
  match_map
  mysql2
  pry
  rake
  rspec
  sequel
  traject (~> 3.0)
  traject_alephsequential_reader
  traject_umich_format
  webmock
  yell

BUNDLED WITH
   2.2.26
